PATH
  remote: .
  specs:
    user_agent_parser (1.0.2)

GEM
  remote: https://rubygems.org/
  specs:
    json (1.7.0)
    minitest (2.12.1)
    rake (0.9.2.2)

PLATFORMS
  ruby

DEPENDENCIES
  json
  minitest
  rake
  user_agent_parser!
