PATH
  remote: .
  specs:
    ua-parser (0.0.1)

GEM
  remote: https://rubygems.org/
  specs:
    minitest (2.12.1)

PLATFORMS
  ruby

DEPENDENCIES
  minitest
  ua-parser!
